GEM
  remote: https://rubygems.org/
  specs:
    byebug (12.0.0)
    numo-gnuplot (0.2.4)
    numo-narray (0.9.2.1)
    observer (0.1.2)
    pkg-config (1.6.4)
    rmagick (6.1.4)
      observer (~> 0.1)
      pkg-config (~> 1.4)
    terminal-table (4.0.0)
      unicode-display_width (>= 1.1.1, < 4)
    unicode-display_width (3.2.0)
      unicode-emoji (~> 4.1)
    unicode-emoji (4.1.0)

PLATFORMS
  x64-mingw-ucrt

DEPENDENCIES
  byebug
  numo-gnuplot
  numo-narray
  rmagick
  terminal-table

BUNDLED WITH
   2.6.7
