GEM
  remote: https://rubygems.org/
  specs:
    byebug (12.0.0)
    date (3.4.1)
    fiddle (1.1.8)
    io-console (0.8.1)
    irb (1.14.3)
      rdoc (>= 4.0.0)
      reline (>= 0.4.2)
    numo-gnuplot (0.2.4)
    numo-narray (0.9.2.1)
    observer (0.1.2)
    pkg-config (1.6.4)
    psych (5.2.2)
      date
      stringio
    rdoc (6.10.0)
      psych (>= 4.0.0)
    reline (0.6.2)
      io-console (~> 0.5)
    rmagick (6.1.4)
      observer (~> 0.1)
      pkg-config (~> 1.4)
    stringio (3.1.2)
    terminal-table (4.0.0)
      unicode-display_width (>= 1.1.1, < 4)
    unicode-display_width (3.2.0)
      unicode-emoji (~> 4.1)
    unicode-emoji (4.1.0)

PLATFORMS
  x64-mingw-ucrt

DEPENDENCIES
  byebug
  fiddle
  irb
  numo-gnuplot
  numo-narray
  reline
  rmagick
  terminal-table

BUNDLED WITH
   2.6.7
