GEM
  remote: https://rubygems.org/
  specs:
    base64 (0.3.0)
    byebug (12.0.0)
    data_uri (0.1.0)
    date (3.4.1)
    erb (5.1.1)
    ffi (1.17.2-x86_64-linux-gnu)
    ffi-rzmq (2.0.7)
      ffi-rzmq-core (>= 1.0.7)
    ffi-rzmq-core (1.0.7)
      ffi
    fiddle (1.1.8)
    io-console (0.8.1)
    irb (1.15.2)
      pp (>= 0.6.0)
      rdoc (>= 4.0.0)
      reline (>= 0.4.2)
    iruby (0.8.2)
      data_uri (~> 0.1)
      ffi-rzmq
      irb
      logger
      mime-types (>= 3.3.1)
      multi_json (~> 1.11)
    logger (1.7.0)
    matplotlib (1.3.0)
      pycall (>= 1.0.0)
    mime-types (3.7.0)
      logger
      mime-types-data (~> 3.2025, >= 3.2025.0507)
    mime-types-data (3.2025.0924)
    multi_json (1.17.0)
    numo-gnuplot (0.2.4)
    numo-linalg (0.1.7)
      numo-narray (>= 0.9.1.4)
    numo-narray (0.9.2.1)
    observer (0.1.2)
    pkg-config (1.6.4)
    pp (0.6.3)
      prettyprint
    prettyprint (0.2.0)
    psych (5.2.6)
      date
      stringio
    pycall (1.5.2)
    rdoc (6.15.0)
      erb
      psych (>= 4.0.0)
      tsort
    reline (0.6.2)
      io-console (~> 0.5)
    rice (4.6.1)
    rmagick (6.1.4)
      observer (~> 0.1)
      pkg-config (~> 1.4)
    ruby-prof (1.7.2)
      base64
    ruby-prof (1.7.2-x64-mingw-ucrt)
      base64
    ruby-vips (2.2.5)
      ffi (~> 1.12)
      logger
    stringio (3.1.7)
    terminal-table (4.0.0)
      unicode-display_width (>= 1.1.1, < 4)
    torch-rb (0.21.0)
      rice (>= 4.5)
    torchvision (0.4.1)
      numo-narray
      ruby-vips (>= 2.1.2)
      torch-rb (>= 0.13)
    tsort (0.2.0)
    unicode-display_width (3.2.0)
      unicode-emoji (~> 4.1)
    unicode-emoji (4.1.0)

PLATFORMS
  aarch64-linux-gnu
  aarch64-linux-musl
  arm-linux-gnu
  arm-linux-musl
  arm64-darwin
  x64-mingw-ucrt
  x86-linux-gnu
  x86-linux-musl
  x86_64-linux
  x86_64-linux-gnu
  x86_64-linux-musl

DEPENDENCIES
  byebug
  fiddle
  irb
  iruby
  matplotlib
  numo-gnuplot
  numo-linalg
  numo-narray
  reline
  rmagick
  ruby-prof
  terminal-table
  torch-rb
  torchvision

BUNDLED WITH
   2.6.9
